GEM
  remote: http://rubygems.org/
  specs:
    celluloid (0.13.0)
      timers (>= 1.0.0)
    coderay (1.0.9)
    diff-lcs (1.2.1)
    git (1.2.5)
    growl (1.0.3)
    guard (1.6.2)
      listen (>= 0.6.0)
      lumberjack (>= 1.0.2)
      pry (>= 0.9.10)
      terminal-table (>= 1.4.3)
      thor (>= 0.14.6)
    guard-rspec (2.4.1)
      guard (>= 1.1)
      rspec (~> 2.11)
    jeweler (1.8.4)
      bundler (~> 1.0)
      git (>= 1.2.5)
      rake
      rdoc
    json (1.7.7)
    json (1.7.7-java)
    listen (0.7.3)
    lumberjack (1.0.2)
    method_source (0.8.1)
    pry (0.9.12)
      coderay (~> 1.0.5)
      method_source (~> 0.8)
      slop (~> 3.4)
    pry (0.9.12-java)
      coderay (~> 1.0.5)
      method_source (~> 0.8)
      slop (~> 3.4)
      spoon (~> 0.0)
    rake (10.0.4)
    rb-fsevent (0.9.3)
    rdoc (4.0.0)
      json (~> 1.4)
    rspec (2.13.0)
      rspec-core (~> 2.13.0)
      rspec-expectations (~> 2.13.0)
      rspec-mocks (~> 2.13.0)
    rspec-core (2.13.0)
    rspec-expectations (2.13.0)
      diff-lcs (>= 1.1.3, < 2.0)
    rspec-mocks (2.13.0)
    slop (3.4.3)
    spoon (0.0.1)
    terminal-table (1.4.5)
    thor (0.17.0)
    timecop (0.5.2)
    timers (1.1.0)

PLATFORMS
  java
  ruby

DEPENDENCIES
  celluloid (~> 0.12)
  growl
  guard
  guard-rspec
  jeweler
  rake
  rb-fsevent
  rspec
  timecop
